GEM
  remote: https://rubygems.org/
  specs:
    activemodel (4.2.10)
      activesupport (= 4.2.10)
      builder (~> 3.1)
    activesupport (4.2.10)
      i18n (~> 0.7)
      minitest (~> 5.1)
      thread_safe (~> 0.3, >= 0.3.4)
      tzinfo (~> 1.1)
    bson (4.3.0)
    bson_ext (1.5.1)
    builder (3.2.3)
    concurrent-ruby (1.0.5)
    graphql (1.7.8)
    i18n (0.9.3)
      concurrent-ruby (~> 1.0)
    kgio (2.11.1)
    minitest (5.11.3)
    mongo (2.5.0)
      bson (>= 4.3.0, < 5.0.0)
    mongoid (5.2.1)
      activemodel (~> 4.0)
      mongo (>= 2.4.1, < 3.0.0)
      origin (~> 2.3)
      tzinfo (>= 0.3.37)
    mustermann (1.0.2)
    origin (2.3.1)
    rack (2.0.4)
    rack-protection (2.0.1)
      rack
    raindrops (0.19.0)
    sinatra (2.0.1)
      mustermann (~> 1.0)
      rack (~> 2.0)
      rack-protection (= 2.0.1)
      tilt (~> 2.0)
    thread_safe (0.3.6)
    tilt (2.0.8)
    tzinfo (1.2.4)
      thread_safe (~> 0.1)
    unicorn (5.4.0)
      kgio (~> 2.6)
      raindrops (~> 0.7)

PLATFORMS
  ruby

DEPENDENCIES
  bson_ext
  graphql
  mongoid (~> 5.2)
  sinatra (~> 2.0.1)
  unicorn

BUNDLED WITH
   1.16.0
